GEM
  remote: https://rubygems.org/
  specs:
    bcrypt (3.1.12)
    daemons (1.3.1)
    eventmachine (1.2.7)
    hashids (1.0.5)
    ipaddr (1.2.2)
    mimemagic (0.3.3)
    openssl (2.1.2)
      ipaddr
    pg (1.1.4)
    rack (2.0.6)
    redcarpet (3.4.0)
    thin (1.7.2)
      daemons (~> 1.0, >= 1.0.9)
      eventmachine (~> 1.0, >= 1.0.4)
      rack (>= 1, < 3)

PLATFORMS
  ruby

DEPENDENCIES
  bcrypt
  hashids
  mimemagic
  openssl
  pg
  rack
  redcarpet
  thin

BUNDLED WITH
   2.0.1
