GEM
  remote: https://rubygems.org/
  specs:
    bcrypt (3.1.12)
    connection_pool (2.2.2)
    hashids (1.0.5)
    ipaddr (1.2.2)
    mimemagic (0.3.3)
    openssl (2.1.2)
      ipaddr
    pg (1.1.4)
    puma (3.12.1)
    rack (2.0.6)
    redcarpet (3.4.0)

PLATFORMS
  ruby

DEPENDENCIES
  bcrypt
  connection_pool
  hashids
  mimemagic
  openssl
  pg
  puma
  rack
  redcarpet

BUNDLED WITH
   2.0.1
